GEM
  remote: https://rubygems.org/
  specs:
    acme-client (2.0.4)
      faraday (~> 0.9, >= 0.9.1)
    aws-eventstream (1.2.0)
    aws-partitions (1.547.0)
    aws-sdk-core (3.125.2)
      aws-eventstream (~> 1, >= 1.0.2)
      aws-partitions (~> 1, >= 1.525.0)
      aws-sigv4 (~> 1.1)
      jmespath (~> 1.0)
    aws-sdk-kms (1.53.0)
      aws-sdk-core (~> 3, >= 3.125.0)
      aws-sigv4 (~> 1.1)
    aws-sdk-s3 (1.111.1)
      aws-sdk-core (~> 3, >= 3.125.0)
      aws-sdk-kms (~> 1)
      aws-sigv4 (~> 1.4)
    aws-sigv4 (1.4.0)
      aws-eventstream (~> 1, >= 1.0.2)
    byebug (9.0.6)
    chronic (0.10.2)
    coderay (1.1.1)
    cuba (3.8.1)
      rack (>= 1.6.0)
    diff-lcs (1.3)
    dotenv (2.7.6)
    fakeredis (0.6.0)
      redis (~> 3.2)
    faraday (0.17.0)
      multipart-post (>= 1.2, < 3)
    jmespath (1.5.0)
    logstash-event (1.2.02)
    logstash-logger (0.26.1)
      logstash-event (~> 1.2)
    method_source (0.8.2)
    mina (1.0.6)
      open4 (~> 1.3.4)
      rake
    mina-puma (1.0.1)
      mina (~> 1.0.0)
      puma (>= 2.13)
    mina-whenever (1.0.1)
      mina (~> 1.0)
    multipart-post (2.1.1)
    open4 (1.3.4)
    pry (0.10.4)
      coderay (~> 1.1.0)
      method_source (~> 0.8.1)
      slop (~> 3.4)
    pry-byebug (3.4.2)
      byebug (~> 9.0)
      pry (~> 0.10)
    puma (3.10.0)
    rack (2.0.3)
    rake (12.0.0)
    redis (3.3.3)
    rspec (3.6.0)
      rspec-core (~> 3.6.0)
      rspec-expectations (~> 3.6.0)
      rspec-mocks (~> 3.6.0)
    rspec-core (3.6.0)
      rspec-support (~> 3.6.0)
    rspec-expectations (3.6.0)
      diff-lcs (>= 1.2.0, < 2.0)
      rspec-support (~> 3.6.0)
    rspec-mocks (3.6.0)
      diff-lcs (>= 1.2.0, < 2.0)
      rspec-support (~> 3.6.0)
    rspec-support (3.6.0)
    sentry-raven (2.12.3)
      faraday (>= 0.7.6, < 1.0)
    slop (3.6.0)
    whenever (0.9.7)
      chronic (>= 0.6.3)

PLATFORMS
  ruby

DEPENDENCIES
  acme-client
  aws-sdk-s3
  cuba
  dotenv
  fakeredis
  logstash-logger
  mina
  mina-puma
  mina-whenever
  pry-byebug
  puma
  rack
  redis
  rspec
  sentry-raven
  whenever

BUNDLED WITH
   2.3.4
