GEM
  remote: https://rubygems.org/
  specs:
    acme-client (0.6.1)
      faraday (~> 0.9, >= 0.9.1)
    byebug (9.0.6)
    coderay (1.1.1)
    cuba (3.8.1)
      rack (>= 1.6.0)
    faraday (0.13.0)
      multipart-post (>= 1.2, < 3)
    logger (1.2.8)
    method_source (0.8.2)
    mina (1.0.6)
      open4 (~> 1.3.4)
      rake
    mina-puma (1.0.1)
      mina (~> 1.0.0)
      puma (>= 2.13)
    multipart-post (2.0.0)
    open4 (1.3.4)
    pry (0.10.4)
      coderay (~> 1.1.0)
      method_source (~> 0.8.1)
      slop (~> 3.4)
    pry-byebug (3.4.2)
      byebug (~> 9.0)
      pry (~> 0.10)
    puma (3.10.0)
    rack (2.0.3)
    rake (12.0.0)
    redis (3.3.3)
    slop (3.6.0)

PLATFORMS
  ruby

DEPENDENCIES
  acme-client
  cuba
  logger
  mina
  mina-puma
  pry-byebug
  puma
  rack
  redis

BUNDLED WITH
   1.15.1
